GEM
  remote: https://rubygems.org/
  specs:
    htmlentities (4.3.4)
    mini_portile2 (2.4.0)
    nokogiri (1.10.8)
      mini_portile2 (~> 2.4.0)
    rmagick (4.0.0)

PLATFORMS
  ruby

DEPENDENCIES
  htmlentities (~> 4.3, >= 4.3.4)
  nokogiri (~> 1.10)
  rmagick (~> 4.0)

BUNDLED WITH
   1.16.2
